GEM
  specs:

PLATFORMS
  universal-darwin-23
  x86_64-darwin-21

DEPENDENCIES

BUNDLED WITH
   2.3.21
